GEM
  remote: https://rubygems.org/
  specs:
    inotify (1.0.2)
    rake (10.3.2)

PLATFORMS
  ruby

DEPENDENCIES
  inotify
  rake
