GIT
  remote: git://github.com/capistrano/rbenv.git
  revision: 4640ad165db98e9f9d95ac102cb6430c5feaa81e
  specs:
    capistrano-rbenv (2.0.2)
      capistrano (~> 3.1)
      sshkit (~> 1.3)

GIT
  remote: git://github.com/hassox/warden.git
  revision: e31e72f4078206529856bfa9ea98db4cd9bdc707
  specs:
    warden (1.2.3)
      rack (>= 1.0)

GIT
  remote: git://github.com/jetthoughts/yaml_db.git
  revision: 5f73cbd14adee939adf08574ec3bf6e05ee55889
  specs:
    yaml_db (0.2.3)

GIT
  remote: git://github.com/plataformatec/devise-encryptable.git
  revision: 9b1e3efefdb1ba913f684b390e7a4a57b35074d4
  specs:
    devise-encryptable (0.1.2)
      devise (>= 2.1.0)

GIT
  remote: git://github.com/plataformatec/devise.git
  revision: b0b18fb80508ae37a7460e1f6d1064adf9593cce
  specs:
    devise (3.2.4)
      bcrypt (~> 3.0)
      orm_adapter (~> 0.1)
      railties (>= 3.2.6, < 5)
      thread_safe (~> 0.1)
      warden (~> 1.2.3)

GIT
  remote: git://github.com/plataformatec/simple_form.git
  revision: 6b3f9db8906336d8df80475c71b75613e3fc895b
  specs:
    simple_form (3.0.1)
      actionpack (~> 4.0)
      activemodel (~> 4.0)

GIT
  remote: git://github.com/rails/sass-rails.git
  revision: a5c466c809cde1797f5cc4b447f3a73f1fcb911f
  specs:
    sass-rails (4.0.1)
      railties (>= 4.0.0, < 5.0)
      sass (~> 3.2.0)
      sprockets (~> 2.8, <= 2.11.0)
      sprockets-rails (~> 2.0)

GIT
  remote: git://github.com/thomas-mcdonald/bootstrap-sass.git
  revision: 44d139e896a2bc1bd623f9cbcb714465ff3ed11f
  specs:
    bootstrap-sass (3.1.1.0)
      sass (~> 3.2)

GEM
  remote: https://rubygems.org/
  specs:
    actionmailer (4.1.0)
      actionpack (= 4.1.0)
      actionview (= 4.1.0)
      mail (~> 2.5.4)
    actionpack (4.1.0)
      actionview (= 4.1.0)
      activesupport (= 4.1.0)
      rack (~> 1.5.2)
      rack-test (~> 0.6.2)
    actionview (4.1.0)
      activesupport (= 4.1.0)
      builder (~> 3.1)
      erubis (~> 2.7.0)
    activemodel (4.1.0)
      activesupport (= 4.1.0)
      builder (~> 3.1)
    activerecord (4.1.0)
      activemodel (= 4.1.0)
      activesupport (= 4.1.0)
      arel (~> 5.0.0)
    activesupport (4.1.0)
      i18n (~> 0.6, >= 0.6.9)
      json (~> 1.7, >= 1.7.7)
      minitest (~> 5.1)
      thread_safe (~> 0.1)
      tzinfo (~> 1.1)
    arel (5.0.0)
    bcrypt (3.1.7)
    better_errors (1.1.0)
      coderay (>= 1.0.0)
      erubis (>= 2.6.6)
    binding_of_caller (0.7.2)
      debug_inspector (>= 0.0.1)
    brakeman (2.4.3)
      erubis (~> 2.6)
      fastercsv (~> 1.5)
      haml (>= 3.0, < 5.0)
      highline (~> 1.6.20)
      multi_json (~> 1.2)
      ruby2ruby (~> 2.0.5)
      ruby_parser (~> 3.4.0)
      sass (~> 3.0)
      slim (>= 1.3.6, < 3.0)
      terminal-table (~> 1.4)
    builder (3.2.2)
    cancan (1.6.10)
    capistrano (3.1.0)
      i18n
      rake (>= 10.0.0)
      sshkit (~> 1.3)
    capistrano-bundler (1.1.2)
      capistrano (~> 3.0)
      sshkit (~> 1.2)
    capistrano-rails (1.1.1)
      capistrano (~> 3.1)
      capistrano-bundler (~> 1.1)
    choice (0.1.6)
    coderay (1.1.0)
    coffee-rails (4.0.1)
      coffee-script (>= 2.2.0)
      railties (>= 4.0.0, < 5.0)
    coffee-script (2.2.0)
      coffee-script-source
      execjs
    coffee-script-source (1.7.0)
    coveralls (0.7.0)
      multi_json (~> 1.3)
      rest-client
      simplecov (>= 0.7)
      term-ansicolor
      thor
    debug_inspector (0.0.2)
    default_value_for (3.0.0)
      activerecord (>= 3.2.0, < 5.0)
    docile (1.1.3)
    elasticsearch (0.4.11)
      elasticsearch-api (= 0.4.11)
      elasticsearch-transport (= 0.4.11)
    elasticsearch-api (0.4.11)
      multi_json
    elasticsearch-transport (0.4.11)
      faraday
      multi_json
    erubis (2.7.0)
    execjs (2.0.2)
    factory_girl (4.4.0)
      activesupport (>= 3.0.0)
    factory_girl_rails (4.4.1)
      factory_girl (~> 4.4.0)
      railties (>= 3.0.0)
    faker (1.3.0)
      i18n (~> 0.5)
    faraday (0.9.0)
      multipart-post (>= 1.2, < 3)
    fastercsv (1.5.5)
    foreigner (1.6.1)
      activerecord (>= 3.0.0)
    haml (4.0.5)
      tilt
    has_scope (0.6.0.rc)
      actionpack (>= 3.2, < 5)
      activesupport (>= 3.2, < 5)
    hashie (2.1.0)
    highline (1.6.21)
    hike (1.2.3)
    i18n (0.6.9)
    inherited_resources (1.4.1)
      has_scope (~> 0.6.0.rc)
      responders (~> 1.0.0.rc)
    jquery-rails (3.1.0)
      railties (>= 3.0, < 5.0)
      thor (>= 0.14, < 2.0)
    json (1.8.1)
    kaminari (0.15.1)
      actionpack (>= 3.0.0)
      activesupport (>= 3.0.0)
    libv8 (3.16.14.3)
    mail (2.5.4)
      mime-types (~> 1.16)
      treetop (~> 1.4.8)
    mime-types (1.25.1)
    minitest (5.3.2)
    multi_json (1.9.2)
    multipart-post (2.0.0)
    mysql2 (0.3.15)
    net-scp (1.1.2)
      net-ssh (>= 2.6.5)
    net-ssh (2.8.0)
    orm_adapter (0.5.0)
    paper_trail (3.0.0.beta1)
      activerecord (>= 3.0, < 5.0)
    pg (0.17.1)
    polyglot (0.3.4)
    rack (1.5.2)
    rack-test (0.6.2)
      rack (>= 1.0)
    rails (4.1.0)
      actionmailer (= 4.1.0)
      actionpack (= 4.1.0)
      actionview (= 4.1.0)
      activemodel (= 4.1.0)
      activerecord (= 4.1.0)
      activesupport (= 4.1.0)
      bundler (>= 1.3.0, < 2.0)
      railties (= 4.1.0)
      sprockets-rails (~> 2.0)
    rails-erd (1.1.0)
      activerecord (>= 3.0)
      activesupport (>= 3.0)
      choice (~> 0.1.6)
      ruby-graphviz (~> 1.0.4)
    rails_config (0.3.3)
      activesupport (>= 3.0)
    railties (4.1.0)
      actionpack (= 4.1.0)
      activesupport (= 4.1.0)
      rake (>= 0.8.7)
      thor (>= 0.18.1, < 2.0)
    rake (10.2.2)
    rdoc (4.1.1)
      json (~> 1.4)
    ref (1.0.5)
    responders (1.0.0)
      railties (>= 3.2, < 5)
    rest-client (1.6.7)
      mime-types (>= 1.16)
    ruby-graphviz (1.0.9)
    ruby2ruby (2.0.8)
      ruby_parser (~> 3.1)
      sexp_processor (~> 4.0)
    ruby_parser (3.4.1)
      sexp_processor (~> 4.1)
    sass (3.2.19)
    sdoc (0.4.0)
      json (~> 1.8)
      rdoc (~> 4.0, < 5.0)
    searchkick (0.6.3)
      activemodel
      elasticsearch (~> 0.4.11)
      hashie
    sexp_processor (4.4.3)
    shoulda (3.5.0)
      shoulda-context (~> 1.0, >= 1.0.1)
      shoulda-matchers (>= 1.4.1, < 3.0)
    shoulda-context (1.2.1)
    shoulda-matchers (2.4.0)
      activesupport (>= 3.0.0)
    simplecov (0.8.2)
      docile (~> 1.1.0)
      multi_json
      simplecov-html (~> 0.8.0)
    simplecov-html (0.8.0)
    slim (2.0.2)
      temple (~> 0.6.6)
      tilt (>= 1.3.3, < 2.1)
    sprockets (2.11.0)
      hike (~> 1.2)
      multi_json (~> 1.0)
      rack (~> 1.0)
      tilt (~> 1.1, != 1.3.0)
    sprockets-rails (2.1.1)
      actionpack (>= 3.0)
      activesupport (>= 3.0)
      sprockets (~> 2.8)
    sqlite3 (1.3.9)
    sshkit (1.3.0)
      net-scp (>= 1.1.2)
      net-ssh
      term-ansicolor
    temple (0.6.7)
    term-ansicolor (1.3.0)
      tins (~> 1.0)
    terminal-table (1.4.5)
    therubyracer (0.12.1)
      libv8 (~> 3.16.14.0)
      ref
    thor (0.19.1)
    thread_safe (0.3.3)
    tilt (1.4.1)
    tins (1.1.0)
    treetop (1.4.15)
      polyglot
      polyglot (>= 0.3.1)
    turbolinks (2.2.2)
      coffee-rails
    tzinfo (1.1.0)
      thread_safe (~> 0.1)
    uglifier (2.5.0)
      execjs (>= 0.3.0)
      json (>= 1.8.0)

PLATFORMS
  ruby

DEPENDENCIES
  activerecord-jdbcmysql-adapter
  activerecord-jdbcpostgresql-adapter
  activerecord-jdbcsqlite3-adapter
  better_errors
  binding_of_caller
  bootstrap-sass!
  brakeman
  cancan
  capistrano (~> 3.1.0)
  capistrano-bundler
  capistrano-rails
  capistrano-rbenv!
  coffee-rails
  coveralls
  default_value_for
  devise!
  devise-encryptable!
  factory_girl_rails
  faker
  foreigner
  haml
  highline
  inherited_resources
  jquery-rails
  kaminari
  minitest
  mysql2
  paper_trail (= 3.0.0.beta1)
  pg
  rails (~> 4.1.0)
  rails-erd
  rails_config
  rake
  sass-rails!
  sdoc
  searchkick
  shoulda
  shoulda-matchers (~> 2.4.0)
  simple_form!
  sqlite3
  therubyracer
  therubyrhino
  turbolinks
  uglifier
  warden!
  yaml_db!
